PATH
  remote: .
  specs:
    deepseek-rails (0.1.0)

GEM
  remote: https://rubygems.org/
  specs:
    rake (13.2.1)

PLATFORMS
  arm64-darwin-23
  ruby

DEPENDENCIES
  deepseek-rails!
  rake (~> 13.0)

BUNDLED WITH
   2.5.16
